GIT
  remote: https://github.com/OSSystems/AFDParser.git
  revision: 9e8c236888ca1f03a57742b3e57754f216238ad2
  specs:
    afd_parser (0.1.5)
      rake (>= 0.8.7)

GEM
  remote: https://rubygems.org/
  specs:
    builder (3.2.2)
    byebug (9.0.6)
    ci_reporter (2.0.0)
      builder (>= 2.1.2)
    ci_reporter_minitest (1.0.0)
      ci_reporter (~> 2.0)
      minitest (~> 5.0)
    docile (1.1.5)
    json (2.0.2)
    minitest (5.10.1)
    rake (12.0.0)
    simplecov (0.12.0)
      docile (~> 1.1.0)
      json (>= 1.8, < 3)
      simplecov-html (~> 0.10.0)
    simplecov-html (0.10.0)
    simplecov-rcov (0.2.3)
      simplecov (>= 0.4.1)

PLATFORMS
  ruby

DEPENDENCIES
  afd_parser!
  byebug
  ci_reporter_minitest
  minitest
  rake
  simplecov
  simplecov-rcov

BUNDLED WITH
   1.13.6
