GIT
  remote: https://github.com/OSSystems/AFDParser.git
  revision: 9e8c236888ca1f03a57742b3e57754f216238ad2
  specs:
    afd_parser (0.1.5)
      rake (>= 0.8.7)

GEM
  remote: https://rubygems.org/
  specs:
    byebug (9.0.6)
    minitest (5.10.1)
    rake (12.0.0)

PLATFORMS
  ruby

DEPENDENCIES
  afd_parser!
  byebug
  minitest
  rake

BUNDLED WITH
   1.13.6
