GIT
  remote: https://github.com/OSSystems/AFDParser.git
  revision: 87f95fd24116af4f88dd2d7cdfdfddbead2e439a
  specs:
    afd_parser (0.2.0)
      rake (>= 0.8.7)

GEM
  remote: https://rubygems.org/
  specs:
    builder (3.2.2)
    byebug (9.0.6)
    ci_reporter (2.0.0)
      builder (>= 2.1.2)
    ci_reporter_minitest (1.0.0)
      ci_reporter (~> 2.0)
      minitest (~> 5.0)
    docile (1.3.1)
    json (2.1.0)
    minitest (5.10.1)
    rake (12.0.0)
    simplecov (0.16.1)
      docile (~> 1.1)
      json (>= 1.8, < 3)
      simplecov-html (~> 0.10.0)
    simplecov-html (0.10.2)
    simplecov-rcov (0.2.3)
      simplecov (>= 0.4.1)

PLATFORMS
  ruby

DEPENDENCIES
  afd_parser!
  byebug
  ci_reporter_minitest
  minitest
  rake
  simplecov
  simplecov-rcov

BUNDLED WITH
   1.13.6
