GEM
  remote: https://rubygems.org/
  specs:
    afd_parser (0.2.1)
      rake (>= 0.8.7)
    builder (3.2.2)
    byebug (11.0.1)
    ci_reporter (2.0.0)
      builder (>= 2.1.2)
    ci_reporter_minitest (1.0.0)
      ci_reporter (~> 2.0)
      minitest (~> 5.0)
    docile (1.3.2)
    minitest (5.13.0)
    rake (13.0.1)
    simplecov (0.18.2)
      docile (~> 1.1)
      simplecov-html (~> 0.11)
    simplecov-html (0.12.0)
    simplecov-rcov (0.2.3)
      simplecov (>= 0.4.1)

PLATFORMS
  ruby

DEPENDENCIES
  afd_parser
  byebug
  ci_reporter_minitest
  minitest
  rake
  simplecov
  simplecov-rcov

BUNDLED WITH
   1.17.1
